GIT
  remote: git://github.com/capistrano/bundler.git
  revision: f1b70e2f6ff565f377eee851a597ff89fe9d9c4d
  specs:
    capistrano-bundler (1.1.1)
      capistrano (~> 3.0)
      sshkit (>= 1.2.0)

GIT
  remote: git://github.com/capistrano/capistrano.git
  revision: 82dfc785179fd7f8fd233da8091e923160ca3d39
  specs:
    capistrano (3.1.0)
      i18n
      rake (>= 10.0.0)
      sshkit (~> 1.3)

GIT
  remote: git://github.com/capistrano/rvm.git
  revision: 19e8d15ae3d705499c610370f159d523bbedbd94
  specs:
    capistrano-rvm (0.1.0)
      capistrano (~> 3.0)
      sshkit (~> 1.2)

GIT
  remote: git@github.com:capistrano/sshkit.git
  revision: 130211e882a994cffdf9e7467f0c29005f6a7249
  specs:
    sshkit (1.3.0)
      net-scp (>= 1.1.2)
      net-ssh
      term-ansicolor

GEM
  remote: https://rubygems.org/
  specs:
    coderay (1.1.0)
    ffi (1.9.3-java)
    httparty (0.12.0)
      json (~> 1.8)
      multi_xml (>= 0.5.2)
    i18n (0.6.9)
    json (1.8.1)
    json (1.8.1-java)
    method_source (0.8.2)
    multi_xml (0.5.5)
    net-scp (1.1.2)
      net-ssh (>= 2.6.5)
    net-ssh (2.7.0)
    pry (0.9.12.4)
      coderay (~> 1.0)
      method_source (~> 0.8)
      slop (~> 3.4)
    pry (0.9.12.4-java)
      coderay (~> 1.0)
      method_source (~> 0.8)
      slop (~> 3.4)
      spoon (~> 0.0)
    rake (10.1.1)
    slop (3.4.7)
    spoon (0.0.4)
      ffi
    term-ansicolor (1.2.2)
      tins (~> 0.8)
    thor (0.18.1)
    tins (0.13.1)

PLATFORMS
  java
  ruby

DEPENDENCIES
  capistrano!
  capistrano-bundler!
  capistrano-rvm!
  httparty
  pry
  sshkit!
  thor
