GIT
  remote: git://github.com/NYULibraries/nyulibraries_deploy.git
  revision: 243f2fcb742341e131bc1e3b9ee598af0ca0666d
  branch: development-capistrano
  specs:
    nyulibraries_deploy (3.2.0)
      capistrano (~> 3.0.1)
      git (~> 1.2.5)
      mail (~> 2.5.4)
      newrelic_rpm (~> 3.6.0)
      rake (~> 10.1.0)
      rvm-capistrano (~> 1.5.0)

GEM
  remote: https://rubygems.org/
  specs:
    capistrano (3.0.1)
      i18n
      rake (>= 10.0.0)
      sshkit (>= 0.0.23)
    git (1.2.6)
    i18n (0.6.5)
    mail (2.5.4)
      mime-types (~> 1.16)
      treetop (~> 1.4.8)
    mime-types (1.25)
    net-scp (1.1.2)
      net-ssh (>= 2.6.5)
    net-ssh (2.7.0)
    newrelic_rpm (3.6.9.171)
    polyglot (0.3.3)
    rake (10.1.0)
    rvm-capistrano (1.5.0)
      capistrano (>= 2.15.4)
    sshkit (1.1.0)
      net-scp
      net-ssh
      term-ansicolor
    term-ansicolor (1.2.2)
      tins (~> 0.8)
    tins (0.13.1)
    treetop (1.4.15)
      polyglot
      polyglot (>= 0.3.1)

PLATFORMS
  java
  ruby

DEPENDENCIES
  nyulibraries_deploy!
