GIT
  remote: git://github.com/NYULibraries/nyulibraries_deploy.git
  revision: 45335963ed6aca58f40fa063c97f8796a8e21642
  branch: development-capistrano
  specs:
    nyulibraries_deploy (3.2.0)
      capistrano (~> 3.0.1)
      git (~> 1.2.5)
      mail (~> 2.5.4)
      newrelic_rpm (~> 3.6.0)
      rake (~> 10.1.0)
      rvm-capistrano (~> 1.5.0)

GEM
  remote: https://rubygems.org/
  specs:
    capistrano (3.0.1)
      i18n
      rake (>= 10.0.0)
      sshkit (>= 0.0.23)
    coderay (1.1.0)
    ffi (1.9.3-java)
    git (1.2.6)
    i18n (0.6.5)
    mail (2.5.4)
      mime-types (~> 1.16)
      treetop (~> 1.4.8)
    method_source (0.8.2)
    mime-types (1.25)
    net-scp (1.1.2)
      net-ssh (>= 2.6.5)
    net-ssh (2.7.0)
    newrelic_rpm (3.6.9.171)
    polyglot (0.3.3)
    pry (0.9.12.3)
      coderay (~> 1.0)
      method_source (~> 0.8)
      slop (~> 3.4)
    pry (0.9.12.3-java)
      coderay (~> 1.0)
      method_source (~> 0.8)
      slop (~> 3.4)
      spoon (~> 0.0)
    rake (10.1.0)
    rvm-capistrano (1.5.0)
      capistrano (>= 2.15.4)
    slop (3.4.7)
    spoon (0.0.4)
      ffi
    sshkit (1.1.0)
      net-scp
      net-ssh
      term-ansicolor
    term-ansicolor (1.2.2)
      tins (~> 0.8)
    thor (0.18.1)
    tins (0.13.1)
    treetop (1.4.15)
      polyglot
      polyglot (>= 0.3.1)

PLATFORMS
  java
  ruby

DEPENDENCIES
  nyulibraries_deploy!
  pry
  thor
