GIT
  remote: git://github.com/NYULibraries/nyulibraries_deploy.git
  revision: 66256a3f1252fb89b795a5de82fd04326cdab818
  branch: development-capistrano
  specs:
    nyulibraries_deploy (3.2.0)
      git (~> 1.2.5)
      mail (~> 2.5.4)
      newrelic_rpm (~> 3.6.0)
      rake (~> 10.1.0)
      sshkit (~> 1.1.0)

GIT
  remote: git://github.com/capistrano/capistrano.git
  revision: 71b9f5812ad11439fcc83596df7f775f49cea030
  specs:
    capistrano (3.1.0)
      i18n
      rake (>= 10.0.0)
      sshkit (>= 0.0.23)

GEM
  remote: https://rubygems.org/
  specs:
    capistrano-bundler (1.0.0)
      capistrano (>= 3.0.0.pre)
    coderay (1.1.0)
    ffi (1.9.3-java)
    git (1.2.6)
    i18n (0.6.5)
    mail (2.5.4)
      mime-types (~> 1.16)
      treetop (~> 1.4.8)
    method_source (0.8.2)
    mime-types (1.25)
    net-scp (1.1.2)
      net-ssh (>= 2.6.5)
    net-ssh (2.7.0)
    newrelic_rpm (3.6.9.171)
    polyglot (0.3.3)
    pry (0.9.12.3)
      coderay (~> 1.0)
      method_source (~> 0.8)
      slop (~> 3.4)
    pry (0.9.12.3-java)
      coderay (~> 1.0)
      method_source (~> 0.8)
      slop (~> 3.4)
      spoon (~> 0.0)
    rake (10.1.0)
    slop (3.4.7)
    spoon (0.0.4)
      ffi
    sshkit (1.1.0)
      net-scp
      net-ssh
      term-ansicolor
    term-ansicolor (1.2.2)
      tins (~> 0.8)
    thor (0.18.1)
    tins (0.13.1)
    treetop (1.4.15)
      polyglot
      polyglot (>= 0.3.1)

PLATFORMS
  java
  ruby

DEPENDENCIES
  capistrano!
  capistrano-bundler
  nyulibraries_deploy!
  pry
  thor
